GEM
  remote: https://rubygems.org/
  specs:
    addressable (2.3.6)
    builder (3.2.2)
    domain_name (0.5.18)
      unf (>= 0.0.5, < 1.0.0)
    faraday (0.8.9)
      multipart-post (~> 1.2.0)
    git (1.2.6)
    github_api (0.10.1)
      addressable
      faraday (~> 0.8.1)
      hashie (>= 1.2)
      multi_json (~> 1.4)
      nokogiri (~> 1.5.2)
      oauth2
    hashie (3.0.0)
    highline (1.6.21)
    http-cookie (1.0.2)
      domain_name (~> 0.5)
    jeweler (1.8.8)
      builder
      bundler (~> 1.0)
      git (>= 1.2.5)
      github_api (= 0.10.1)
      highline (>= 1.6.15)
      nokogiri (= 1.5.10)
      rake
      rdoc
    json (1.8.1)
    jwt (1.0.0)
    mechanize (2.7.3)
      domain_name (~> 0.5, >= 0.5.1)
      http-cookie (~> 1.0)
      mime-types (~> 2.0)
      net-http-digest_auth (~> 1.1, >= 1.1.1)
      net-http-persistent (~> 2.5, >= 2.5.2)
      nokogiri (~> 1.4)
      ntlm-http (~> 0.1, >= 0.1.1)
      webrobots (>= 0.0.9, < 0.2)
    mime-types (2.3)
    multi_json (1.10.1)
    multi_xml (0.5.5)
    multipart-post (1.2.0)
    net-http-digest_auth (1.4)
    net-http-persistent (2.9.4)
    nokogiri (1.5.10)
    ntlm-http (0.1.1)
    oauth2 (0.9.4)
      faraday (>= 0.8, < 0.10)
      jwt (~> 1.0)
      multi_json (~> 1.3)
      multi_xml (~> 0.5)
      rack (~> 1.2)
    rack (1.5.2)
    rake (10.3.2)
    rdoc (4.1.1)
      json (~> 1.4)
    unf (0.1.4)
      unf_ext
    unf_ext (0.0.6)
    webrobots (0.1.1)

PLATFORMS
  ruby

DEPENDENCIES
  bundler (~> 1.3.0)
  highline (~> 1.6.19)
  jeweler (~> 1.8.0)
  json (~> 1.8.0)
  mechanize (~> 2.7.1)
  nokogiri (~> 1.5.0)
